GEM
  remote: https://rubygems.org/
  specs:
    coderay (1.1.3)
    interactor (3.1.2)
    method_source (1.0.0)
    pry (0.14.2)
      coderay (~> 1.1)
      method_source (~> 1.0)
    wisper (2.0.1)

PLATFORMS
  arm64-darwin-22

DEPENDENCIES
  interactor
  pry
  wisper

BUNDLED WITH
   2.4.14
